PATH
  remote: .
  specs:
    classifier (1.3.4)
      fast-stemmer (>= 1.0.0)
      gsl (>= 1.1.0)

GEM
  remote: http://rubygems.org/
  specs:
    fast-stemmer (1.0.0)
    gsl (1.14.5)
      narray (>= 0.5.9)
    narray (0.5.9.9)

PLATFORMS
  ruby

DEPENDENCIES
  classifier!
