PATH
  remote: .
  specs:
    classifier (1.4.2)
      fast-stemmer (>= 1.0.0)
      gsl (>= 1.1.0)
      sequel (~> 3.2)
      sqlite3 (~> 1.3)

GEM
  remote: http://rubygems.org/
  specs:
    fast-stemmer (1.0.0)
    gsl (1.14.6)
      narray (>= 0.5.9)
    narray (0.5.9.9)
    sequel (3.20.0)
    sqlite3 (1.3.3)

PLATFORMS
  ruby

DEPENDENCIES
  classifier!
  sequel
  sqlite3
